GEM
  remote: https://rubygems.org/
  specs:
    celluloid (0.12.4)
      facter (>= 1.6.12)
      timers (>= 1.0.0)
    diff-lcs (1.2.1)
    facter (1.6.17)
    flexmock (1.3.1)
    rake (10.0.3)
    rspec (2.13.0)
      rspec-core (~> 2.13.0)
      rspec-expectations (~> 2.13.0)
      rspec-mocks (~> 2.13.0)
    rspec-core (2.13.0)
    rspec-expectations (2.13.0)
      diff-lcs (>= 1.1.3, < 2.0)
    rspec-given (2.4.0)
      rspec (>= 2.11)
      sorcerer (>= 0.3.7)
    rspec-mocks (2.13.0)
    sorcerer (0.3.10)
    timers (1.1.0)

PLATFORMS
  ruby

DEPENDENCIES
  celluloid
  flexmock
  rake
  rspec-given
